PATH
  remote: .
  specs:
    booru (0.0.1)
      faraday (~> 0.9)
      json (~> 2.0)
      net-http-persistent (~> 2.9)
      thor (~> 0.19)

GEM
  remote: https://rubygems.org/
  specs:
    faraday (0.9.2)
      multipart-post (>= 1.2, < 3)
    json (2.0.2)
    multipart-post (2.0.0)
    net-http-persistent (2.9.4)
    rake (11.3.0)
    thor (0.19.1)

PLATFORMS
  ruby

DEPENDENCIES
  booru!
  rake (~> 11.3)

BUNDLED WITH
   1.13.5
