PATH
  remote: .
  specs:
    booru (0.0.1)
      faraday (~> 0.9)
      json (~> 2.0)
      net-http-persistent (~> 2.9)
      pry (~> 0.10)
      thor (~> 0.19)

GEM
  remote: https://rubygems.org/
  specs:
    coderay (1.1.1)
    faraday (0.9.2)
      multipart-post (>= 1.2, < 3)
    json (2.0.2)
    method_source (0.8.2)
    multipart-post (2.0.0)
    net-http-persistent (2.9.4)
    pry (0.10.4)
      coderay (~> 1.1.0)
      method_source (~> 0.8.1)
      slop (~> 3.4)
    rake (11.3.0)
    slop (3.6.0)
    thor (0.19.1)

PLATFORMS
  ruby

DEPENDENCIES
  booru!
  rake (~> 11.3)

BUNDLED WITH
   1.13.5
